GEM
  remote: https://rubygems.org/
  specs:
    addressable (2.8.7)
      public_suffix (>= 2.0.2, < 7.0)
    base64 (0.2.0)
    bigdecimal (3.1.9)
    colorator (1.1.0)
    concurrent-ruby (1.3.5)
    csv (3.3.2)
    em-websocket (0.5.3)
      eventmachine (>= 0.12.9)
      http_parser.rb (~> 0)
    eventmachine (1.2.7)
    exifr (1.4.1)
    faraday (2.12.2)
      faraday-net_http (>= 2.0, < 3.5)
      json
      logger
    faraday-net_http (3.4.0)
      net-http (>= 0.5.0)
    fastimage (1.8.1)
      addressable (~> 2.3, >= 2.3.5)
    ffi (1.17.1)
    ffi (1.17.1-aarch64-linux-gnu)
    ffi (1.17.1-aarch64-linux-musl)
    ffi (1.17.1-arm-linux-gnu)
    ffi (1.17.1-arm-linux-musl)
    ffi (1.17.1-arm64-darwin)
    ffi (1.17.1-x86-linux-gnu)
    ffi (1.17.1-x86-linux-musl)
    ffi (1.17.1-x86_64-darwin)
    ffi (1.17.1-x86_64-linux-gnu)
    ffi (1.17.1-x86_64-linux-musl)
    forwardable-extended (2.6.0)
    fspath (3.1.2)
    google-protobuf (4.29.3)
      bigdecimal
      rake (>= 13)
    google-protobuf (4.29.3-aarch64-linux)
      bigdecimal
      rake (>= 13)
    google-protobuf (4.29.3-arm64-darwin)
      bigdecimal
      rake (>= 13)
    google-protobuf (4.29.3-x86-linux)
      bigdecimal
      rake (>= 13)
    google-protobuf (4.29.3-x86_64-darwin)
      bigdecimal
      rake (>= 13)
    google-protobuf (4.29.3-x86_64-linux)
      bigdecimal
      rake (>= 13)
    hike (1.2.3)
    http_parser.rb (0.8.0)
    i18n (1.14.7)
      concurrent-ruby (~> 1.0)
    image_optim (0.31.4)
      exifr (~> 1.2, >= 1.2.2)
      fspath (~> 3.0)
      image_size (>= 1.5, < 4)
      in_threads (~> 1.3)
      progress (~> 3.0, >= 3.0.1)
    image_optim_pack (0.11.2)
      fspath (>= 2.1, < 4)
      image_optim (~> 0.19)
    image_optim_pack (0.11.2-x86_64-darwin)
      fspath (>= 2.1, < 4)
      image_optim (~> 0.19)
    image_optim_pack (0.11.2-x86_64-linux)
      fspath (>= 2.1, < 4)
      image_optim (~> 0.19)
    image_size (3.4.0)
    in_threads (1.6.0)
    jekyll (4.4.1)
      addressable (~> 2.4)
      base64 (~> 0.2)
      colorator (~> 1.0)
      csv (~> 3.0)
      em-websocket (~> 0.5)
      i18n (~> 1.0)
      jekyll-sass-converter (>= 2.0, < 4.0)
      jekyll-watch (~> 2.0)
      json (~> 2.6)
      kramdown (~> 2.3, >= 2.3.1)
      kramdown-parser-gfm (~> 1.0)
      liquid (~> 4.0)
      mercenary (~> 0.3, >= 0.3.6)
      pathutil (~> 0.9)
      rouge (>= 3.0, < 5.0)
      safe_yaml (~> 1.0)
      terminal-table (>= 1.8, < 4.0)
      webrick (~> 1.7)
    jekyll-archives (2.3.0)
      jekyll (>= 3.6, < 5.0)
    jekyll-assets (1.0.0)
      fastimage (~> 1.6)
      jekyll (>= 2)
      mini_magick (~> 4.1)
      sass (~> 3.2)
      sprockets (~> 2.10)
      sprockets-helpers
      sprockets-sass
    jekyll-compress-images (1.2)
      image_optim
      image_optim_pack
    jekyll-email-protect (1.1.0)
    jekyll-feed (0.17.0)
      jekyll (>= 3.7, < 5.0)
    jekyll-gist (1.5.0)
      octokit (~> 4.2)
    jekyll-image-optim (1.0.6)
      image_optim (~> 0.26)
      image_optim_pack (~> 0.5)
    jekyll-paginate (1.1.0)
    jekyll-redirect-from (0.16.0)
      jekyll (>= 3.3, < 5.0)
    jekyll-sass-converter (3.1.0)
      sass-embedded (~> 1.75)
    jekyll-seo-tag (2.8.0)
      jekyll (>= 3.8, < 5.0)
    jekyll-sitemap (1.4.0)
      jekyll (>= 3.7, < 5.0)
    jekyll-watch (2.2.1)
      listen (~> 3.0)
    jekyll-youtube (1.0.0)
      jekyll
    json (2.10.1)
    kramdown (2.5.1)
      rexml (>= 3.3.9)
    kramdown-parser-gfm (1.1.0)
      kramdown (~> 2.0)
    liquid (4.0.4)
    listen (3.9.0)
      rb-fsevent (~> 0.10, >= 0.10.3)
      rb-inotify (~> 0.9, >= 0.9.10)
    logger (1.6.6)
    mercenary (0.4.0)
    mini_magick (4.13.2)
    minima (2.5.2)
      jekyll (>= 3.5, < 5.0)
      jekyll-feed (~> 0.9)
      jekyll-seo-tag (~> 2.1)
    multi_json (1.15.0)
    net-http (0.6.0)
      uri
    octokit (4.25.1)
      faraday (>= 1, < 3)
      sawyer (~> 0.9)
    pathutil (0.16.2)
      forwardable-extended (~> 2.6)
    progress (3.6.0)
    public_suffix (6.0.1)
    rack (1.6.13)
    rake (13.2.1)
    rb-fsevent (0.11.2)
    rb-inotify (0.11.1)
      ffi (~> 1.0)
    rexml (3.4.0)
    rouge (4.5.1)
    safe_yaml (1.0.5)
    sass (3.7.4)
      sass-listen (~> 4.0.0)
    sass-embedded (1.83.4)
      google-protobuf (~> 4.29)
      rake (>= 13)
    sass-embedded (1.83.4-aarch64-linux-android)
      google-protobuf (~> 4.29)
    sass-embedded (1.83.4-aarch64-linux-gnu)
      google-protobuf (~> 4.29)
    sass-embedded (1.83.4-aarch64-linux-musl)
      google-protobuf (~> 4.29)
    sass-embedded (1.83.4-aarch64-mingw-ucrt)
      google-protobuf (~> 4.29)
    sass-embedded (1.83.4-arm-linux-androideabi)
      google-protobuf (~> 4.29)
    sass-embedded (1.83.4-arm-linux-gnueabihf)
      google-protobuf (~> 4.29)
    sass-embedded (1.83.4-arm-linux-musleabihf)
      google-protobuf (~> 4.29)
    sass-embedded (1.83.4-arm64-darwin)
      google-protobuf (~> 4.29)
    sass-embedded (1.83.4-riscv64-linux-android)
      google-protobuf (~> 4.29)
    sass-embedded (1.83.4-riscv64-linux-gnu)
      google-protobuf (~> 4.29)
    sass-embedded (1.83.4-riscv64-linux-musl)
      google-protobuf (~> 4.29)
    sass-embedded (1.83.4-x86_64-cygwin)
      google-protobuf (~> 4.29)
    sass-embedded (1.83.4-x86_64-darwin)
      google-protobuf (~> 4.29)
    sass-embedded (1.83.4-x86_64-linux-android)
      google-protobuf (~> 4.29)
    sass-embedded (1.83.4-x86_64-linux-gnu)
      google-protobuf (~> 4.29)
    sass-embedded (1.83.4-x86_64-linux-musl)
      google-protobuf (~> 4.29)
    sass-listen (4.0.0)
      rb-fsevent (~> 0.9, >= 0.9.4)
      rb-inotify (~> 0.9, >= 0.9.7)
    sawyer (0.9.2)
      addressable (>= 2.3.5)
      faraday (>= 0.17.3, < 3)
    sprockets (2.12.5)
      hike (~> 1.2)
      multi_json (~> 1.0)
      rack (~> 1.0)
      tilt (~> 1.1, != 1.3.0)
    sprockets-helpers (1.4.0)
      sprockets (>= 2.2)
    sprockets-sass (1.3.1)
      sprockets (~> 2.0)
      tilt (~> 1.1)
    terminal-table (3.0.2)
      unicode-display_width (>= 1.1.1, < 3)
    tilt (1.4.1)
    unicode-display_width (2.6.0)
    uri (1.0.2)
    webrick (1.9.1)

PLATFORMS
  aarch64-linux
  aarch64-linux-android
  aarch64-linux-gnu
  aarch64-linux-musl
  aarch64-mingw-ucrt
  arm-linux-androideabi
  arm-linux-gnu
  arm-linux-gnueabihf
  arm-linux-musl
  arm-linux-musleabihf
  arm64-darwin
  riscv64-linux-android
  riscv64-linux-gnu
  riscv64-linux-musl
  ruby
  x86-linux
  x86-linux-gnu
  x86-linux-musl
  x86_64-cygwin
  x86_64-darwin
  x86_64-linux
  x86_64-linux-android
  x86_64-linux-musl

DEPENDENCIES
  http_parser.rb (~> 0.6.0)
  jekyll (~> 4.4.1)
  jekyll-archives
  jekyll-assets
  jekyll-compress-images
  jekyll-email-protect
  jekyll-feed (~> 0.12)
  jekyll-gist
  jekyll-image-optim
  jekyll-paginate
  jekyll-redirect-from
  jekyll-seo-tag
  jekyll-sitemap
  jekyll-youtube
  minima (~> 2.5)
  tzinfo (>= 1, < 3)
  tzinfo-data
  wdm (~> 0.1)

BUNDLED WITH
   2.6.3
